GEM
  remote: http://rubygems.org/
  specs:
    daemons (1.1.0)
    eventmachine (0.12.10)
    frank (0.4.0)
      haml (>= 3.0)
      rack (>= 1.0)
      tilt (= 0.9)
    haml (3.0.21)
    rack (1.2.1)
    rake (0.8.7)
    thin (1.2.7)
      daemons (>= 1.0.9)
      eventmachine (>= 0.12.6)
      rack (>= 1.0.0)
    tilt (0.9)

PLATFORMS
  ruby

DEPENDENCIES
  frank
  haml
  rake
  thin
