GEM
  remote: http://rubygems.org/
  specs:
    builder (3.0.0)
    rack (1.4.1)
    rack-protection (1.2.0)
      rack
    redcarpet (2.1.1)
    sass (3.2.0.alpha.261)
    sinatra (1.3.2)
      rack (~> 1.3, >= 1.3.6)
      rack-protection (~> 1.2)
      tilt (~> 1.3, >= 1.3.3)
    tilt (1.3.3)

PLATFORMS
  ruby

DEPENDENCIES
  builder
  redcarpet
  sass (= 3.2.0.alpha.261)
  sinatra
