GIT
  remote: http://github.com/blahed/frank.git
  revision: 9c09c4c9b12a1c281565811e6d841d6774108c46
  specs:
    frank (0.4.0)
      haml (>= 3.0)
      rack (>= 1.0)
      tilt (= 0.9)

GEM
  remote: http://rubygems.org/
  specs:
    daemons (1.1.0)
    eventmachine (0.12.10)
    haml (3.0.21)
    rack (1.2.1)
    sinatra (1.0)
      rack (>= 1.0)
    thin (1.2.7)
      daemons (>= 1.0.9)
      eventmachine (>= 0.12.6)
      rack (>= 1.0.0)
    tilt (0.9)

PLATFORMS
  ruby

DEPENDENCIES
  frank!
  haml
  sinatra
  thin
