GEM
  remote: http://rubygems.org/
  specs:
    frank (0.4.0)
      haml (>= 3.0)
      rack (>= 1.0)
      tilt (= 0.9)
    haml (3.0.21)
    maruku (0.6.0)
      syntax (>= 1.0.0)
    rack (1.2.1)
    rake (0.8.7)
    sass (3.1.0.alpha.12)
    syntax (1.0.0)
    tilt (0.9)

PLATFORMS
  ruby

DEPENDENCIES
  frank
  haml
  maruku
  rake
  sass
