GEM
  remote: http://rubygems.org/
  specs:
    mustache (0.99.4)
    nokogiri (1.5.5)
    rack (1.4.1)
    rack-protection (1.2.0)
      rack
    rack-pygments (0.4)
      nokogiri
      rack
    sass (3.2.0.alpha.261)
    sinatra (1.3.2)
      rack (~> 1.3, >= 1.3.6)
      rack-protection (~> 1.2)
      tilt (~> 1.3, >= 1.3.3)
    tilt (1.3.3)

PLATFORMS
  ruby

DEPENDENCIES
  mustache
  rack-pygments
  sass (= 3.2.0.alpha.261)
  sinatra
