GEM
  remote: https://rubygems.org/
  specs:
    rack (1.5.2)
    rake (10.3.2)
    sass (3.3.7)

PLATFORMS
  ruby

DEPENDENCIES
  rack
  rake
  sass
